GEM
  remote: https://rubygems.org/
  specs:

PLATFORMS
  aarch64-linux
  ruby

DEPENDENCIES

BUNDLED WITH
   2.6.6
